GEM
  remote: https://rubygems.org/
  specs:
    coderay (1.1.2)
    diff-lcs (1.3)
    equatable (0.5.0)
    method_source (0.9.2)
    mini_portile2 (2.5.1)
    necromancer (0.4.0)
    nokogiri (1.11.4)
      mini_portile2 (~> 2.5.0)
      racc (~> 1.4)
    pastel (0.7.2)
      equatable (~> 0.5.0)
      tty-color (~> 0.4.0)
    pry (0.12.2)
      coderay (~> 1.1.0)
      method_source (~> 0.9.0)
    racc (1.5.2)
    require_all (2.0.0)
    tty (0.7.0)
      equatable (~> 0.5.0)
      pastel (~> 0.7.0)
      tty-color (~> 0.4.0)
      tty-command (~> 0.4.0)
      tty-cursor (~> 0.4.0)
      tty-editor (~> 0.2.0)
      tty-file (~> 0.3.0)
      tty-pager (~> 0.7.0)
      tty-platform (~> 0.1.0)
      tty-progressbar (~> 0.10.0)
      tty-prompt (~> 0.12.0)
      tty-screen (~> 0.5.0)
      tty-spinner (~> 0.4.0)
      tty-table (~> 0.8.0)
      tty-which (~> 0.3.0)
    tty-color (0.4.3)
    tty-command (0.4.0)
      pastel (~> 0.7.0)
    tty-cursor (0.4.0)
    tty-editor (0.2.0)
      tty-prompt (~> 0.12.0)
      tty-which (~> 0.3.0)
    tty-file (0.3.0)
      diff-lcs (~> 1.3.0)
      pastel (~> 0.7.0)
      tty-prompt (~> 0.12.0)
    tty-font (0.4.0)
    tty-pager (0.7.1)
      tty-screen (~> 0.5.0)
      tty-which (~> 0.3.0)
      verse (~> 0.5.0)
    tty-platform (0.1.0)
    tty-progressbar (0.10.1)
      tty-screen (~> 0.5.0)
    tty-prompt (0.12.0)
      necromancer (~> 0.4.0)
      pastel (~> 0.7.0)
      tty-cursor (~> 0.4.0)
      wisper (~> 1.6.1)
    tty-screen (0.5.1)
    tty-spinner (0.4.1)
    tty-table (0.8.0)
      equatable (~> 0.5.0)
      necromancer (~> 0.4.0)
      pastel (~> 0.7.0)
      tty-screen (~> 0.5.0)
      unicode-display_width (~> 1.1.0)
      verse (~> 0.5.0)
    tty-which (0.3.0)
    unicode-display_width (1.1.3)
    unicode_utils (1.4.0)
    verse (0.5.0)
      unicode-display_width (~> 1.1.0)
      unicode_utils (~> 1.4.0)
    wisper (1.6.1)
    word_wrap (1.0.0)

PLATFORMS
  ruby

DEPENDENCIES
  nokogiri
  pry
  require_all
  tty
  tty-font
  word_wrap

BUNDLED WITH
   2.0.2
